GEM
  remote: https://rubygems.org/
  specs:
    alfred-workflow (1.8.0)
      plist (>= 3.1.0)
    elasticsearch (1.0.12)
      elasticsearch-api (= 1.0.12)
      elasticsearch-transport (= 1.0.12)
    elasticsearch-api (1.0.12)
      multi_json
    elasticsearch-transport (1.0.12)
      faraday
      multi_json
    faraday (0.9.1)
      multipart-post (>= 1.2, < 3)
    multi_json (1.11.1)
    multipart-post (2.0.0)
    plist (3.1.0)

PLATFORMS
  ruby

DEPENDENCIES
  alfred-workflow
  elasticsearch
  plist

BUNDLED WITH
   1.10.5
